GEM
  remote: https://rubygems.org/
  specs:
    json (2.1.0)
    pg (0.21.0)
    pg_query (0.13.2)
      json (>= 1.8, < 3)
    pgdexter (0.1.6)
      pg
      pg_query
      slop (>= 4.2.0)
    slop (4.5.0)

PLATFORMS
  ruby

DEPENDENCIES
  pgdexter

BUNDLED WITH
   1.15.4
