GIT
  remote: https://github.com/ankane/dexter.git
  revision: 7ffdbf28591c7ecf1f6897ed59041feb90c5b054
  specs:
    pgdexter (0.3.9)
      pg (>= 0.18.2)
      pg_query
      slop (>= 4.8.2)

GEM
  remote: https://rubygems.org/
  specs:
    pg (1.2.3)
    pg_query (1.2.0)
    slop (4.8.2)

PLATFORMS
  ruby

DEPENDENCIES
  pgdexter!

BUNDLED WITH
   1.17.3
