GIT
  remote: https://github.com/ankane/dexter.git
  revision: 8903640cf736815a109a2bf95e3a7bc1a00ef2a2
  specs:
    pgdexter (0.3.7)
      pg (>= 0.18.2)
      pg_query
      slop (>= 4.8.2)

GEM
  remote: https://rubygems.org/
  specs:
    pg (1.2.3)
    pg_query (1.2.0)
    slop (4.8.2)

PLATFORMS
  ruby

DEPENDENCIES
  pgdexter!

BUNDLED WITH
   1.17.3
