GEM
  remote: https://rubygems.org/
  specs:
    csv (3.2.8)
    google-protobuf (3.25.3)
    pg (1.5.6)
    pg_query (4.2.3)
      google-protobuf (>= 3.22.3)
    pgdexter (0.5.3)
      csv
      pg (>= 0.18.2)
      pg_query (~> 4)
      slop (>= 4.10.1)
    slop (4.10.1)

PLATFORMS
  ruby

DEPENDENCIES
  pgdexter (= 0.5.3)

RUBY VERSION
   ruby 3.1.4p223

BUNDLED WITH
   2.3.26
