GIT
  remote: https://github.com/ankane/dexter.git
  revision: 4cf8665290b0838169a4f531e3ff7cffd4e72e72
  specs:
    pgdexter (0.3.8)
      pg (>= 0.18.2)
      pg_query
      slop (>= 4.8.2)

GEM
  remote: https://rubygems.org/
  specs:
    pg (1.2.3)
    pg_query (1.2.0)
    slop (4.8.2)

PLATFORMS
  ruby

DEPENDENCIES
  pgdexter!

BUNDLED WITH
   1.17.3
