GEM
  remote: https://rubygems.org/
  specs:
    google-protobuf (3.21.7)
    pg (1.4.3)
    pg_query (2.1.4)
      google-protobuf (>= 3.19.2)
    pgdexter (0.4.0)
      pg (>= 0.18.2)
      pg_query (>= 2.1)
      slop (>= 4.8.2)
    slop (4.9.3)

PLATFORMS
  ruby

DEPENDENCIES
  pgdexter (= 0.4.0)

RUBY VERSION
   ruby 3.1.2p20

BUNDLED WITH
   2.3.18
