GIT
  remote: https://github.com/ankane/dexter.git
  revision: 3590e2372810ffcbe1ef93473801311aa9ec819e
  specs:
    pgdexter (0.3.2)
      pg
      pg_query
      slop (>= 4.2.0)

GEM
  remote: https://rubygems.org/
  specs:
    pg (1.0.0)
    pg_query (1.0.1)
    slop (4.6.1)

PLATFORMS
  ruby

DEPENDENCIES
  pgdexter!

BUNDLED WITH
   1.16.0
