GIT
  remote: https://github.com/ankane/dexter.git
  revision: 1837ebcb492bd9e11c491f172b8eb54329bef72b
  specs:
    pgdexter (0.3.1)
      pg
      pg_query
      slop (>= 4.2.0)

GEM
  remote: https://rubygems.org/
  specs:
    json (2.1.0)
    pg (0.21.0)
    pg_query (1.0.0)
      json (>= 1.8, < 3)
    slop (4.6.1)

PLATFORMS
  ruby

DEPENDENCIES
  pgdexter!

BUNDLED WITH
   1.16.0
