GIT
  remote: https://github.com/ankane/dexter.git
  revision: b8b45a7c04dc8c45901714860a4b7e305372c482
  specs:
    pgdexter (0.3.3)
      pg
      pg_query
      slop (>= 4.2.0)

GEM
  remote: https://rubygems.org/
  specs:
    pg (1.0.0)
    pg_query (1.0.1)
    slop (4.6.2)

PLATFORMS
  ruby

DEPENDENCIES
  pgdexter!

BUNDLED WITH
   1.16.1
