GEM
  remote: https://rubygems.org/
  specs:
    pg (1.0.0)
    pg_query (1.0.1)
    pgdexter (0.3.4)
      pg
      pg_query
      slop (>= 4.2.0)
    slop (4.6.2)

PLATFORMS
  ruby

DEPENDENCIES
  pgdexter

BUNDLED WITH
   1.16.1
