GEM
  remote: https://rubygems.org/
  specs:
    google-protobuf (3.22.2)
    pg (1.4.6)
    pg_query (2.2.1)
      google-protobuf (>= 3.19.2)
    pgdexter (0.4.3)
      pg (>= 0.18.2)
      pg_query (~> 2.1)
      slop (>= 4.10.1)
    slop (4.10.1)

PLATFORMS
  ruby

DEPENDENCIES
  pgdexter (= 0.4.3)

RUBY VERSION
   ruby 3.1.3p185

BUNDLED WITH
   2.3.26
