GIT
  remote: https://github.com/ankane/dexter.git
  revision: 915876bfb1f12e8231a174846acde11931724384
  specs:
    pgdexter (0.2.1)
      pg
      pg_query
      slop (>= 4.2.0)

GEM
  remote: https://rubygems.org/
  specs:
    json (2.1.0)
    pg (0.21.0)
    pg_query (0.13.3)
      json (>= 1.8, < 3)
    slop (4.5.0)

PLATFORMS
  ruby

DEPENDENCIES
  pgdexter!

BUNDLED WITH
   1.15.4
