GEM
  remote: https://rubygems.org/
  specs:
    google-protobuf (3.22.3)
    pg (1.4.6)
    pg_query (4.2.0)
      google-protobuf (>= 3.19.2)
    pgdexter (0.5.0)
      pg (>= 0.18.2)
      pg_query (~> 4)
      slop (>= 4.10.1)
    slop (4.10.1)

PLATFORMS
  ruby

DEPENDENCIES
  pgdexter (= 0.5.0)

RUBY VERSION
   ruby 3.1.4p223

BUNDLED WITH
   2.3.26
