GEM
  remote: https://rubygems.org/
  specs:
    pg (1.4.2)
    pg_query (1.3.0)
    pgdexter (0.3.10)
      pg (>= 0.18.2)
      pg_query (< 2)
      slop (>= 4.8.2)
    slop (4.9.2)

PLATFORMS
  ruby

DEPENDENCIES
  pgdexter (= 0.3.10)

BUNDLED WITH
   2.3.18
