GIT
  remote: https://github.com/ankane/dexter.git
  revision: 949bbdea89df2f2817bbcc850222801a56579b1f
  specs:
    pgdexter (0.3.0)
      pg
      pg_query
      slop (>= 4.2.0)

GEM
  remote: https://rubygems.org/
  specs:
    json (2.1.0)
    pg (0.21.0)
    pg_query (1.0.0)
      json (>= 1.8, < 3)
    slop (4.6.1)

PLATFORMS
  ruby

DEPENDENCIES
  pgdexter!

BUNDLED WITH
   1.16.0
